GIT
  remote: git://github.com/mperham/sidekiq.git
  revision: 80acab20ab7ed75bd4a215a384163c4e6224d5e3
  specs:
    sidekiq (2.2.0)
      celluloid (~> 0.11.1)
      connection_pool (~> 0.9.2)
      multi_json (~> 1)
      redis (~> 3)
      redis-namespace

GEM
  remote: http://rubygems.org/
  specs:
    addressable (2.2.6)
    awesome_print (1.0.2)
    celluloid (0.11.1)
      timers (>= 1.0.0)
    connection_pool (0.9.2)
    daemons (1.1.8)
    diff-lcs (1.1.3)
    eventmachine (0.12.10)
    haml (3.1.4)
    hike (1.2.1)
    json (1.6.5)
    mock_redis (0.4.0)
    multi_json (1.3.6)
    namespaced_redis (1.0.2)
      redis
    nokogiri (1.5.0)
    rack (1.4.1)
    rack-protection (1.2.0)
      rack
    rake (0.9.2.2)
    redis (3.0.1)
    redis-namespace (1.2.1)
      redis (~> 3.0.0)
    resque (1.22.0)
      multi_json (~> 1.0)
      redis-namespace (~> 1.0)
      sinatra (>= 0.9.2)
      vegas (~> 0.1.2)
    rspec (2.8.0)
      rspec-core (~> 2.8.0)
      rspec-expectations (~> 2.8.0)
      rspec-mocks (~> 2.8.0)
    rspec-core (2.8.0)
    rspec-expectations (2.8.0)
      diff-lcs (~> 1.1.2)
    rspec-mocks (2.8.0)
    sinatra (1.3.3)
      rack (~> 1.3, >= 1.3.6)
      rack-protection (~> 1.2)
      tilt (~> 1.3, >= 1.3.3)
    slim (1.2.2)
      temple (~> 0.4.0)
      tilt (~> 1.3.3)
    sprockets (2.4.5)
      hike (~> 1.2)
      multi_json (~> 1.0)
      rack (~> 1.0)
      tilt (~> 1.1, != 1.3.0)
    temple (0.4.0)
    thin (1.3.1)
      daemons (>= 1.0.9)
      eventmachine (>= 0.12.6)
      rack (>= 1.0.0)
    tilt (1.3.3)
    timers (1.0.1)
    vegas (0.1.11)
      rack (>= 1.0.0)

PLATFORMS
  ruby

DEPENDENCIES
  addressable
  awesome_print
  haml
  json
  mock_redis
  namespaced_redis (>= 1.0.2)
  nokogiri
  rake
  redis
  resque
  rspec
  rspec-core
  sidekiq!
  sinatra
  slim
  sprockets
  thin
