GEM
  remote: http://rubygems.org/
  specs:
    absolutize (0.0.12)
    addressable (2.2.6)
    awesome_print (1.0.2)
    daemons (1.1.8)
    diff-lcs (1.1.3)
    eventmachine (0.12.10)
    haml (3.1.4)
    multi_json (1.0.4)
    nokogiri (1.5.0)
    rack (1.4.1)
    rack-protection (1.2.0)
      rack
    redis (2.2.2)
    redis-namespace (1.0.3)
      redis (< 3.0.0)
    resque (1.19.0)
      multi_json (~> 1.0)
      redis-namespace (~> 1.0.2)
      sinatra (>= 0.9.2)
      vegas (~> 0.1.2)
    rspec (2.8.0)
      rspec-core (~> 2.8.0)
      rspec-expectations (~> 2.8.0)
      rspec-mocks (~> 2.8.0)
    rspec-core (2.8.0)
    rspec-expectations (2.8.0)
      diff-lcs (~> 1.1.2)
    rspec-mocks (2.8.0)
    sinatra (1.3.2)
      rack (~> 1.3, >= 1.3.6)
      rack-protection (~> 1.2)
      tilt (~> 1.3, >= 1.3.3)
    thin (1.3.1)
      daemons (>= 1.0.9)
      eventmachine (>= 0.12.6)
      rack (>= 1.0.0)
    tilt (1.3.3)
    vegas (0.1.11)
      rack (>= 1.0.0)

PLATFORMS
  ruby

DEPENDENCIES
  absolutize
  addressable
  awesome_print
  haml
  nokogiri
  redis
  resque
  rspec
  sinatra
  thin
