GEM
  remote: http://rubygems.org/
  specs:
    addressable (2.3.2)
    awesome_print (1.0.2)
    celluloid (0.12.4)
      facter (>= 1.6.12)
      timers (>= 1.0.0)
    connection_pool (1.0.0)
    daemons (1.1.8)
    diff-lcs (1.1.3)
    eventmachine (1.0.0)
    facter (1.6.17)
    haml (3.1.7)
    json (1.6.5)
    mock_redis (0.6.3)
    multi_json (1.6.1)
    namespaced_redis (1.0.2)
      redis
    nokogiri (1.5.0)
    rack (1.4.1)
    rack-protection (1.3.2)
      rack
    rake (10.0.3)
    redis (3.0.3)
    redis-namespace (1.2.1)
      redis (~> 3.0.0)
    resque (1.23.0)
      multi_json (~> 1.0)
      redis-namespace (~> 1.0)
      sinatra (>= 0.9.2)
      vegas (~> 0.1.2)
    rspec (2.12.0)
      rspec-core (~> 2.12.0)
      rspec-expectations (~> 2.12.0)
      rspec-mocks (~> 2.12.0)
    rspec-core (2.12.2)
    rspec-expectations (2.12.1)
      diff-lcs (~> 1.1.3)
    rspec-mocks (2.12.1)
    sidekiq (2.8.0)
      celluloid (~> 0.12.0)
      connection_pool (~> 1.0)
      multi_json (~> 1)
      redis (~> 3)
      redis-namespace
    sinatra (1.3.3)
      rack (~> 1.3, >= 1.3.6)
      rack-protection (~> 1.2)
      tilt (~> 1.3, >= 1.3.3)
    slop (3.4.3)
    thin (1.5.0)
      daemons (>= 1.0.9)
      eventmachine (>= 0.12.6)
      rack (>= 1.0.0)
    tilt (1.3.3)
    timers (1.1.0)
    vegas (0.1.11)
      rack (>= 1.0.0)

PLATFORMS
  ruby

DEPENDENCIES
  addressable
  awesome_print
  haml
  json
  mock_redis
  namespaced_redis (>= 1.0.2)
  nokogiri
  rake
  redis
  redis-namespace
  resque
  rspec
  rspec-core
  sidekiq
  sinatra
  slop
  thin
